GEM
  remote: http://rubygems.org/
  specs:
    amazon-ec2 (0.9.17)
      xml-simple (>= 1.0.12)
    xml-simple (1.1.2)

PLATFORMS
  ruby

DEPENDENCIES
  amazon-ec2
